GEM
  remote: https://rubygems.org/
  specs:
    chunky_png (1.2.9)
    compass (0.12.2)
      chunky_png (~> 1.2)
      fssm (>= 0.2.7)
      sass (~> 3.1)
    fssm (0.2.10)
    sass (3.2.12)
    sass-css-importer (1.0.0.beta.0)
      sass (>= 3.1)
    zurb-foundation (4.3.2)
      sass (>= 3.2.0)

PLATFORMS
  ruby

DEPENDENCIES
  compass
  sass
  sass-css-importer (= 1.0.0.beta.0)
  zurb-foundation
